GEM
  remote: https://rubygems.org/
  specs:
    httparty (0.18.1)
      mime-types (~> 3.0)
      multi_xml (>= 0.5.2)
    mail (2.7.1)
      mini_mime (>= 0.1.1)
    mime-types (3.3.1)
      mime-types-data (~> 3.2015)
    mime-types-data (3.2020.1104)
    mini_mime (1.0.2)
    multi_xml (0.6.0)
    pony (1.13.1)
      mail (>= 2.0)

PLATFORMS
  ruby

DEPENDENCIES
  httparty
  pony

BUNDLED WITH
   2.1.4
